PATH
  remote: .
  specs:
    rubrb (0.1.8.9000)
      thor (~> 0.20.0)

GEM
  remote: https://rubygems.org/
  specs:
    power_assert (1.1.1)
    rake (12.3.1)
    test-unit (3.2.7)
      power_assert
    thor (0.20.0)

PLATFORMS
  ruby

DEPENDENCIES
  bundler (~> 1.16, >= 1.16.1)
  rake (~> 12.3, >= 12.3.1)
  rubrb!
  test-unit (~> 3.2, >= 3.2.7)

BUNDLED WITH
   1.16.1
