PATH
  remote: .
  specs:
    rubrb (0.1.0.9000)
      thor (~> 0.19.1)

GEM
  remote: https://rubygems.org/
  specs:
    power_assert (0.3.0)
    rake (11.1.2)
    test-unit (3.1.9)
      power_assert
    thor (0.19.1)

PLATFORMS
  ruby

DEPENDENCIES
  bundler (~> 1.12, >= 1.12.5)
  rake (~> 11.1, >= 11.1.2)
  rubrb!
  test-unit (~> 3.1, >= 3.1.9)

BUNDLED WITH
   1.12.5
